PATH
  remote: .
  specs:
    dhl_uk (0.3.0)
      faraday
      savon (~> 2.12.0)

GEM
  remote: https://rubygems.org/
  specs:
    addressable (2.7.0)
      public_suffix (>= 2.0.2, < 5.0)
    akami (1.3.1)
      gyoku (>= 0.4.0)
      nokogiri
    ast (2.4.1)
    builder (3.2.4)
    coderay (1.1.3)
    crack (0.4.3)
      safe_yaml (~> 1.0.0)
    diff-lcs (1.4.4)
    dotenv (2.7.6)
    faraday (1.0.1)
      multipart-post (>= 1.2, < 3)
    gyoku (1.3.1)
      builder (>= 2.1.2)
    hashdiff (1.0.1)
    httpi (2.4.4)
      rack
      socksify
    method_source (1.0.0)
    mini_portile2 (2.4.0)
    multipart-post (2.1.1)
    nokogiri (1.10.10)
      mini_portile2 (~> 2.4.0)
    nori (2.6.0)
    parallel (1.19.2)
    parser (2.7.1.4)
      ast (~> 2.4.1)
    pry (0.13.1)
      coderay (~> 1.1)
      method_source (~> 1.0)
    public_suffix (4.0.6)
    rack (2.2.3)
    rainbow (3.0.0)
    rake (12.3.3)
    regexp_parser (1.7.1)
    rexml (3.2.4)
    rspec (3.9.0)
      rspec-core (~> 3.9.0)
      rspec-expectations (~> 3.9.0)
      rspec-mocks (~> 3.9.0)
    rspec-core (3.9.2)
      rspec-support (~> 3.9.3)
    rspec-expectations (3.9.2)
      diff-lcs (>= 1.2.0, < 2.0)
      rspec-support (~> 3.9.0)
    rspec-mocks (3.9.1)
      diff-lcs (>= 1.2.0, < 2.0)
      rspec-support (~> 3.9.0)
    rspec-support (3.9.3)
    rubocop (0.89.1)
      parallel (~> 1.10)
      parser (>= 2.7.1.1)
      rainbow (>= 2.2.2, < 4.0)
      regexp_parser (>= 1.7)
      rexml
      rubocop-ast (>= 0.3.0, < 1.0)
      ruby-progressbar (~> 1.7)
      unicode-display_width (>= 1.4.0, < 2.0)
    rubocop-ast (0.3.0)
      parser (>= 2.7.1.4)
    ruby-progressbar (1.10.1)
    safe_yaml (1.0.5)
    savon (2.12.0)
      akami (~> 1.2)
      builder (>= 2.1.2)
      gyoku (~> 1.2)
      httpi (~> 2.3)
      nokogiri (>= 1.8.1)
      nori (~> 2.4)
      wasabi (~> 3.4)
    socksify (1.7.1)
    unicode-display_width (1.7.0)
    vcr (6.0.0)
    wasabi (3.5.0)
      httpi (~> 2.0)
      nokogiri (>= 1.4.2)
    webmock (3.9.1)
      addressable (>= 2.3.6)
      crack (>= 0.3.2)
      hashdiff (>= 0.4.0, < 2.0.0)

PLATFORMS
  ruby

DEPENDENCIES
  bundler
  dhl_uk!
  dotenv
  pry
  rake
  rspec
  rubocop
  vcr
  webmock

BUNDLED WITH
   2.1.4
